GIT
  remote: git://github.com/rubymotion/BubbleWrap.git
  revision: 6e6508651fe21674f0e982749b7c305e02115ef3
  specs:
    bubble-wrap (1.1.5)

GIT
  remote: git://github.com/rubymotion/sugarcube.git
  revision: 6f1e8d35cb901eaeed5062df331d6974723e5e5f
  specs:
    sugarcube (0.18.17)

GIT
  remote: git://github.com/yury/ib.git
  revision: 4407f9c7abc03a59ec4f32b425ec07e116f9e920
  specs:
    ib (0.2.7)
      thor (>= 0.15.4)
      xcodeproj (>= 0.4.1)

GEM
  remote: https://rubygems.org/
  specs:
    activesupport (3.2.12)
      i18n (~> 0.6)
      multi_json (~> 1.0)
    addressable (2.3.3)
    cocoapods (0.16.4)
      activesupport (~> 3.2.6)
      colored (~> 1.2)
      escape (~> 0.0.4)
      faraday (~> 0.8.1)
      json (~> 1.7.3)
      octokit (~> 1.7)
      open4 (~> 1.3.0)
      rake (~> 10.0.0)
      xcodeproj (~> 0.5.0)
    colored (1.2)
    escape (0.0.4)
    faraday (0.8.6)
      multipart-post (~> 1.1)
    faraday_middleware (0.9.0)
      faraday (>= 0.7.4, < 0.9)
    hashie (1.2.0)
    i18n (0.6.4)
    json (1.7.7)
    motion-cocoapods (1.2.2)
      cocoapods (>= 0.14.0)
    multi_json (1.6.1)
    multipart-post (1.2.0)
    netrc (0.7.7)
    octokit (1.23.0)
      addressable (~> 2.2)
      faraday (~> 0.8)
      faraday_middleware (~> 0.9)
      hashie (~> 1.2)
      multi_json (~> 1.3)
      netrc (~> 0.7.7)
    open4 (1.3.0)
    rake (10.0.3)
    thor (0.17.0)
    xcodeproj (0.5.1)
      activesupport (~> 3.2.6)
      colored (~> 1.2)

PLATFORMS
  ruby

DEPENDENCIES
  bubble-wrap!
  cocoapods
  ib!
  motion-cocoapods
  sugarcube!
