GIT
  remote: git://github.com/rubymotion/BubbleWrap.git
  revision: 33a9beffd4bd963784db7f92699de5aa42e66d8d
  specs:
    bubble-wrap (1.1.4)

GIT
  remote: git://github.com/rubymotion/sugarcube.git
  revision: 731a384358ffac73f77d7f6187e229a822ff95c3
  specs:
    sugarcube (0.10)

GIT
  remote: git://github.com/yury/ib.git
  revision: 414076adc5b7293a5b2219b8296d93b466fdd9f4
  specs:
    ib (0.1.4)
      thor (~> 0.15.4)
      xcodeproj (>= 0.2.3)

GEM
  remote: https://rubygems.org/
  specs:
    activesupport (3.2.8)
      i18n (~> 0.6)
      multi_json (~> 1.0)
    addressable (2.3.2)
    cocoapods (0.15.2)
      activesupport (~> 3.2.6)
      colored (~> 1.2)
      escape (~> 0.0.4)
      faraday (~> 0.8.1)
      json (~> 1.7.3)
      octokit (~> 1.7)
      open4 (~> 1.3.0)
      rake (~> 0.9.0)
      xcodeproj (~> 0.3.5)
    colored (1.2)
    escape (0.0.4)
    faraday (0.8.4)
      multipart-post (~> 1.1)
    faraday_middleware (0.8.8)
      faraday (>= 0.7.4, < 0.9)
    hashie (1.2.0)
    i18n (0.6.1)
    json (1.7.5)
    motion-cocoapods (1.2.1)
      cocoapods (>= 0.14.0)
    multi_json (1.3.6)
    multipart-post (1.1.5)
    octokit (1.18.0)
      addressable (~> 2.2)
      faraday (~> 0.8)
      faraday_middleware (~> 0.8)
      hashie (~> 1.2)
      multi_json (~> 1.3)
    open4 (1.3.0)
    rake (0.9.2.2)
    thor (0.15.4)
    xcodeproj (0.3.5)
      activesupport (~> 3.2.6)

PLATFORMS
  ruby

DEPENDENCIES
  bubble-wrap!
  cocoapods
  ib!
  motion-cocoapods
  sugarcube!
